GEM
  remote: https://rubygems.org/
  specs:
    asciidoctor (2.0.20)
    asciidoctor-revealjs (5.0.1)
      asciidoctor (>= 2.0.0, < 3.0.0)

PLATFORMS
  x64-mingw-ucrt

DEPENDENCIES
  asciidoctor-revealjs

BUNDLED WITH
   2.3.26
